PATH
  remote: .
  specs:
    manpages (0.1.0)

GEM
  remote: https://rubygems.org/
  specs:
    minitest (5.9.1)
    rake (10.5.0)

PLATFORMS
  ruby

DEPENDENCIES
  bundler (~> 1.8)
  manpages!
  minitest (~> 5.0)
  rake (~> 10.0)

BUNDLED WITH
   1.12.5
